GEM
  remote: http://rubygems.org/
  specs:
    blankslate (3.1.3)
    ffi (1.9.8)
    rupy (0.4.2)
      blankslate (>= 2.1.2.3)
      ffi (>= 0.6.3)

PLATFORMS
  ruby

DEPENDENCIES
  rupy
