GEM
  remote: http://rubygems.org/
  specs:
    agent (0.11.0)

PLATFORMS
  ruby

DEPENDENCIES
  agent
